GEM
  remote: https://rubygems.org/
  specs:
    atk (3.5.0)
      glib2 (= 3.5.0)
    cairo (1.17.5)
      native-package-installer (>= 1.0.3)
      pkg-config (>= 1.2.2)
      red-colors
    cairo-gobject (3.5.0)
      cairo (>= 1.16.2)
      glib2 (= 3.5.0)
    fiddle (1.1.0)
    gdk3 (3.5.0)
      cairo-gobject (= 3.5.0)
      gdk_pixbuf2 (= 3.5.0)
      pango (= 3.5.0)
    gdk_pixbuf2 (3.5.0)
      gio2 (= 3.5.0)
    gio2 (3.5.0)
      fiddle
      gobject-introspection (= 3.5.0)
    glib2 (3.5.0)
      native-package-installer (>= 1.0.3)
      pkg-config (>= 1.3.5)
    gobject-introspection (3.5.0)
      glib2 (= 3.5.0)
    gtk3 (3.5.0)
      atk (= 3.5.0)
      gdk3 (= 3.5.0)
      gdk_pixbuf2 (= 3.5.0)
      gio2 (= 3.5.0)
      pango (= 3.5.0)
    matrix (0.4.2)
    native-package-installer (1.1.1)
    pango (3.5.0)
      cairo-gobject (= 3.5.0)
      gobject-introspection (= 3.5.0)
    pkg-config (1.4.6)
    red-colors (0.3.0)
      matrix

PLATFORMS
  x86_64-darwin-20

DEPENDENCIES
  gtk3 (~> 3.5)

BUNDLED WITH
   2.2.24
